GEM
  remote: https://rubygems.org/
  specs:
    rack (2.0.7)
    rack-rewrite (1.5.1)

PLATFORMS
  ruby

DEPENDENCIES
  rack
  rack-rewrite

BUNDLED WITH
   1.17.2
