GEM
  remote: https://rubygems.org/
  specs:
    rack (2.0.1)
    rack-rewrite (1.5.1)

PLATFORMS
  ruby

DEPENDENCIES
  rack
  rack-rewrite

BUNDLED WITH
   1.13.6
